GEM
  remote: http://rubygems.org/
  specs:
    sqlite3 (1.3.7)
    sqlite3-ruby (1.3.3)
      sqlite3 (>= 1.3.3)

PLATFORMS
  ruby

DEPENDENCIES
  sqlite3-ruby
